GEM
  remote: https://rubygems.org/
  specs:
    chunky_png (1.2.8)
    compass (0.12.2)
      chunky_png (~> 1.2)
      fssm (>= 0.2.7)
      sass (~> 3.1)
    execjs (1.4.0)
      multi_json (~> 1.0)
    fssm (0.2.10)
    multi_json (1.7.7)
    rake (12.3.3)
    sass (3.2.9)
    uglifier (2.1.1)
      execjs (>= 0.3.0)
      multi_json (~> 1.0, >= 1.0.2)

PLATFORMS
  ruby

DEPENDENCIES
  compass (~> 0.12)
  rake (~> 12.3)
  uglifier (~> 2.1)
